GEM
  remote: http://rubygems.org/
  specs:
    minitest (2.0.2)
    mocha (0.9.12)

PLATFORMS
  ruby

DEPENDENCIES
  minitest
  mocha
