GEM
  remote: http://rubygems.org/
  specs:
    ParseTree (3.0.7)
      RubyInline (>= 3.7.0)
      sexp_processor (>= 3.0.0)
    RubyInline (3.9.0)
      ZenTest (~> 4.3)
    ZenTest (4.5.0)
    diff-lcs (1.1.2)
    file-tail (1.0.5)
      spruz (>= 0.1.0)
    minitest (2.0.2)
    mocha (0.9.12)
    predicated (0.2.2)
    ruby2ruby (1.2.5)
      ruby_parser (~> 2.0)
      sexp_processor (~> 3.0)
    ruby_parser (2.0.6)
      sexp_processor (~> 3.0)
    sexp_processor (3.0.5)
    sourcify (0.4.2)
      file-tail (>= 1.0.5)
      ruby2ruby (>= 1.2.5)
      sexp_processor (>= 3.0.5)
    spruz (0.2.5)
    state_machine (0.9.4)
    wrong (0.5.0)
      ParseTree (~> 3.0)
      diff-lcs (~> 1.1.2)
      file-tail (~> 1.0)
      predicated (>= 0.2.2)
      ruby2ruby (~> 1.2)
      ruby_parser (~> 2.0.4)
      sexp_processor (~> 3.0)
      sourcify (>= 0.3.0)

PLATFORMS
  ruby

DEPENDENCIES
  minitest
  mocha
  state_machine
  wrong
